GEM
  remote: http://rubygems.org/
  specs:
    aws-sdk (3.85)
      aws-sdk-resources (= 3.85)
    aws-sdk-core (3.85)
      jmespath (~> 1.0)
    aws-sdk-resources (3.85)
      aws-sdk-core (= 3.85)
    jmespath (1.3.1)

PLATFORMS
  ruby

DEPENDENCIES
  aws-sdk (= 3.85)

BUNDLED WITH
   1.13.2
